GEM
  remote: https://rubygems.org/
  specs:
    coffee-script (2.4.1)
      coffee-script-source
      execjs
    coffee-script-source (1.10.0)
    execjs (2.7.0)
    haml (4.0.7)
      tilt
    tilt (2.0.5)

PLATFORMS
  ruby

DEPENDENCIES
  coffee-script
  haml

BUNDLED WITH
   1.12.5
